GEM
  remote: https://rubygems.org/
  specs:
    airbrake (3.1.17)
      builder
      multi_json
    builder (3.2.2)
    coderay (1.1.0)
    crass (1.0.2)
    dalli (2.1.0)
    faraday (0.9.2)
      multipart-post (>= 1.2, < 3)
    faraday_middleware (0.10.0)
      faraday (>= 0.7.4, < 0.10)
    haml (2.2.17)
    indextank (1.0.13)
      faraday_middleware (>= 0.9.0)
      yajl-ruby (>= 0.7.7)
    jemalloc (0.1.9)
    jsmin (1.0.1)
    kgio (2.10.0)
    mime-types (2.6.2)
    mini_portile (0.6.2)
    minitest (5.8.2)
    multi_json (1.11.2)
    multipart-post (2.0.0)
    newrelic_rpm (3.4.2.1)
    nokogiri (1.6.6.2)
      mini_portile (~> 0.6.0)
    nokogumbo (1.4.1)
      nokogiri
    rack (1.6.4)
    rack-cache (1.5.1)
      rack (>= 0.4)
    rack-codehighlighter (0.5.1)
      nokogiri (>= 1.4.1)
      rack (>= 1.0.0)
    rack-protection (1.5.3)
      rack
    rack-test (0.6.3)
      rack (>= 1.0)
    raindrops (0.15.0)
    rake (10.4.2)
    rdiscount (1.6.8)
    rest-client (1.2.0)
      mime-types (>= 1.16)
    sanitize (4.0.0)
      crass (~> 1.0.2)
      nokogiri (>= 1.4.4)
      nokogumbo (= 1.4.1)
    shotgun (0.9.1)
      rack (>= 1.0)
    sinatra (1.3.3)
      rack (~> 1.3, >= 1.3.6)
      rack-protection (~> 1.2)
      tilt (~> 1.3, >= 1.3.3)
    sinatra-assetpack (0.2.8)
      jsmin
      rack-test
      sinatra
      tilt (>= 1.3.0)
    tilt (1.4.1)
    unicorn (4.9.0)
      kgio (~> 2.6)
      rack
      raindrops (~> 0.7)
    unicorn-worker-killer (0.2.2)
      unicorn (~> 4)
    yajl-ruby (1.2.1)
    yui-compressor (0.12.0)

PLATFORMS
  ruby

DEPENDENCIES
  airbrake (~> 3.1.5)
  coderay
  dalli (~> 2.1.0)
  haml (= 2.2.17)
  indextank (~> 1.0.12)
  jemalloc (~> 0.1.8)
  minitest
  newrelic_rpm (~> 3.4.1)
  rack-cache (~> 1.2)
  rack-codehighlighter
  rake
  rdiscount (= 1.6.8)
  rest-client (= 1.2.0)
  sanitize
  shotgun (~> 0.9)
  sinatra (= 1.3.3)
  sinatra-assetpack (= 0.2.8)
  unicorn (~> 4.9.0)
  unicorn-worker-killer (~> 0.2.0)
  yui-compressor

BUNDLED WITH
   1.10.2
